GEM
  remote: http://rubygems.org/
  specs:
    awesome_print (1.1.0)
    backports (2.7.1)
    coderay (1.0.8)
    columnize (0.3.6)
    debugger (1.2.4)
      columnize (>= 0.3.1)
      debugger-linecache (~> 1.1.1)
      debugger-ruby_core_source (~> 1.1.7)
    debugger-linecache (1.1.2)
      debugger-ruby_core_source (>= 1.1.1)
    debugger-ruby_core_source (1.1.7)
    diff-lcs (1.1.3)
    eventmachine (1.0.0)
    haml (3.1.7)
    maruku (0.6.1)
      syntax (>= 1.0.0)
    method_source (0.8.1)
    notifier (0.4.1)
    pry (0.9.11.4)
      coderay (~> 1.0.5)
      method_source (~> 0.8)
      slop (~> 3.4)
    pry-debugger (0.2.1)
      debugger (~> 1.2.0)
      pry (~> 0.9.10)
    rack (1.5.1)
    rack-protection (1.3.2)
      rack
    rack-test (0.6.2)
      rack (>= 1.0)
    rspec (2.12.0)
      rspec-core (~> 2.12.0)
      rspec-expectations (~> 2.12.0)
      rspec-mocks (~> 2.12.0)
    rspec-core (2.12.2)
    rspec-expectations (2.12.1)
      diff-lcs (~> 1.1.3)
    rspec-mocks (2.12.2)
    sinatra (1.3.4)
      rack (~> 1.4)
      rack-protection (~> 1.3)
      tilt (~> 1.3, >= 1.3.3)
    sinatra-contrib (1.3.2)
      backports (>= 2.0)
      eventmachine
      rack-protection
      rack-test
      sinatra (~> 1.3.0)
      tilt (~> 1.3)
    slop (3.4.3)
    syntax (1.0.0)
    test_notifier (1.0.1)
      notifier
    tilt (1.3.3)

PLATFORMS
  ruby

DEPENDENCIES
  awesome_print
  haml
  maruku
  pry
  pry-debugger
  rspec
  sinatra
  sinatra-contrib
  test_notifier
